GIT
  remote: git://github.com/rstacruz/sinatra-assetpack.git
  revision: 1aa835c164f53ffda2a8c6f589a04c4eb92859cf
  specs:
    sinatra-assetpack (0.0.11)
      jsmin
      rack-test
      sinatra
      tilt (>= 1.3.0)

GIT
  remote: git://github.com/rstacruz/sinatra-backbone.git
  revision: f4dc5882e21a5446fd420a45ae0bb1a855ffeabb
  specs:
    sinatra-backbone (0.1.0.rc1)
      sinatra

GEM
  remote: http://rubygems.org/
  specs:
    backports (2.5.1)
    capybara (1.0.1)
      mime-types (>= 1.16)
      nokogiri (>= 1.3.3)
      rack (>= 1.0.0)
      rack-test (>= 0.5.4)
      selenium-webdriver (~> 2.0)
      xpath (~> 0.1.4)
    childprocess (0.2.2)
      ffi (~> 1.0.6)
    chunky_png (1.2.1)
    coffee-script (2.2.0)
      coffee-script-source
      execjs
    coffee-script-source (1.1.2)
    compass (0.11.5)
      chunky_png (~> 1.2)
      fssm (>= 0.2.7)
      sass (~> 3.1)
    contest (0.1.3)
    eventmachine (0.12.10)
    execjs (1.2.4)
      multi_json (~> 1.0)
    ffi (1.0.9)
    fssm (0.2.7)
    haml (3.1.2)
    jsmin (1.0.1)
    json_pure (1.5.4)
      spruz (~> 0.2.8)
    less (2.0.6)
      therubyracer (~> 0.9.2)
    libv8 (3.3.10.2)
    mime-types (1.16)
    mocha (0.9.12)
    multi_json (1.0.3)
    nokogiri (1.5.0)
    pistol (0.0.2)
    rack (1.4.1)
    rack-protection (1.2.0)
      rack
    rack-test (0.6.1)
      rack (>= 1.0)
    rtopia (0.2.3)
    rubyzip (0.9.4)
    sass (3.1.7)
    selenium-webdriver (2.5.0)
      childprocess (>= 0.2.1)
      ffi (>= 1.0.7)
      json_pure
      rubyzip
    sequel (3.27.0)
    sinatra (1.3.2)
      rack (~> 1.3, >= 1.3.6)
      rack-protection (~> 1.2)
      tilt (~> 1.3, >= 1.3.3)
    sinatra-contrib (1.3.1)
      backports (>= 2.0)
      eventmachine
      rack-protection
      rack-test
      sinatra (~> 1.3.0)
      tilt (~> 1.3)
    sinatra-sequel (0.9.0)
      sequel (>= 3.2.0)
      sinatra (>= 0.9.4)
    sinatra-support (1.2.2)
      sinatra (>= 1.0)
    spruz (0.2.13)
    sqlite3 (1.3.4)
    therubyracer (0.9.4)
      libv8 (~> 3.3.10)
    tilt (1.3.3)
    xpath (0.1.4)
      nokogiri (~> 1.3)

PLATFORMS
  ruby

DEPENDENCIES
  capybara (~> 1.0.1)
  coffee-script
  compass (~> 0.11.5)
  contest
  haml (~> 3.1.1)
  jsmin (~> 1.0.1)
  less
  mocha (~> 0.9.12)
  pistol (~> 0.0.2)
  rtopia (~> 0.2.3)
  sass (~> 3.1.1)
  sequel
  sinatra (~> 1.3.0)
  sinatra-assetpack!
  sinatra-backbone!
  sinatra-contrib
  sinatra-sequel
  sinatra-support (~> 1.2.0)
  sqlite3
